GEM
  remote: http://rubygems.org/
  specs:
    mysql2 (0.4.1)

PLATFORMS
  ruby

DEPENDENCIES
  mysql2

BUNDLED WITH
   1.10.6
